GEM
  remote: https://rubygems.org/
  specs:
    archive-tar-minitar (0.5.2)
    backports (3.6.0)
    biodiversity (3.1.4)
      parallel (~> 0.7)
      treetop (~> 1.4)
      unicode_utils (~> 1.4)
    diff-lcs (1.2.5)
    dwc-archive (0.9.11)
      archive-tar-minitar (~> 0.5)
      nokogiri (~> 1.6)
      parsley-store (~> 0.3)
    jruby-jars (1.7.11)
    jruby-rack (1.1.14)
    mime-types (2.2)
    mini_portile (0.5.2)
    multi_json (1.9.0)
    mustache (0.99.5)
    nokogiri (1.6.1)
      mini_portile (~> 0.5.0)
    parallel (0.9.2)
    parsley-store (0.3.5)
      biodiversity (~> 3.1)
      redis (~> 3.0)
    polyglot (0.3.4)
    rack (1.5.2)
    rack-protection (1.5.2)
      rack
    rack-test (0.6.2)
      rack (>= 1.0)
    rake (10.1.1)
    redis (3.0.7)
    rest-client (1.6.7)
      mime-types (>= 1.16)
    rspec (2.14.1)
      rspec-core (~> 2.14.0)
      rspec-expectations (~> 2.14.0)
      rspec-mocks (~> 2.14.0)
    rspec-core (2.14.8)
    rspec-expectations (2.14.5)
      diff-lcs (>= 1.1.3, < 2.0)
    rspec-html-matchers (0.5.0)
      nokogiri (~> 1)
      rspec (~> 2, >= 2.11.0)
    rspec-mocks (2.14.6)
    rubyzip (1.0.0)
    sinatra (1.4.4)
      rack (~> 1.4)
      rack-protection (~> 1.4)
      tilt (~> 1.3, >= 1.3.4)
    sinatra-config-file (1.0)
      sinatra-contrib
    sinatra-contrib (1.4.2)
      backports (>= 2.0)
      multi_json
      rack-protection
      rack-test
      sinatra (~> 1.4.0)
      tilt (~> 1.3)
    sinatra-mustache (0.3.1)
      mustache (~> 0.99)
      sinatra (~> 1.4, ~> 1.3)
      tilt (>= 1.3, <= 2.0)
    tilt (1.4.1)
    treetop (1.5.1)
      polyglot (~> 0.3)
    unicode_utils (1.4.0)
    uri-handler (1.0.2)
    warbler (1.4.0)
      jruby-jars (>= 1.5.6)
      jruby-rack (>= 1.0.0)
      rake (>= 0.9.6)
      rubyzip (>= 0.9, < 1.1)

PLATFORMS
  ruby

DEPENDENCIES
  dwc-archive
  multi_json
  rack-test
  rest-client
  rspec
  rspec-html-matchers
  rubyzip
  sinatra
  sinatra-config-file
  sinatra-contrib
  sinatra-mustache
  uri-handler
  warbler (= 1.4.0)
